GEM
  remote: https://gems.ruby-china.com/
  specs:
    combine_pdf (1.0.26)
      matrix
      ruby-rc4 (>= 0.1.5)
    matrix (0.4.2)
    mini_magick (4.13.1)
    nokogiri (1.16.6-aarch64-linux)
      racc (~> 1.4)
    nokogiri (1.16.6-arm-linux)
      racc (~> 1.4)
    nokogiri (1.16.6-arm64-darwin)
      racc (~> 1.4)
    nokogiri (1.16.6-x86-linux)
      racc (~> 1.4)
    nokogiri (1.16.6-x86_64-darwin)
      racc (~> 1.4)
    nokogiri (1.16.6-x86_64-linux)
      racc (~> 1.4)
    pdftohtmlr (0.4.2)
      nokogiri (>= 1.3.3)
    racc (1.8.0)
    rtesseract (3.1.3)
    ruby-rc4 (0.1.5)

PLATFORMS
  aarch64-linux
  arm-linux
  arm64-darwin
  x86-linux
  x86_64-darwin
  x86_64-linux

DEPENDENCIES
  combine_pdf
  mini_magick
  nokogiri
  pdftohtmlr
  rtesseract

BUNDLED WITH
   2.5.14
